GEM
  remote: https://rubygems.org/
  specs:
    activemodel (3.2.19)
      activesupport (= 3.2.19)
      builder (~> 3.0.0)
    activerecord (3.2.19)
      activemodel (= 3.2.19)
      activesupport (= 3.2.19)
      arel (~> 3.0.2)
      tzinfo (~> 0.3.29)
    activesupport (3.2.19)
      i18n (~> 0.6, >= 0.6.4)
      multi_json (~> 1.0)
    activityutils (0.1.0)
      logutils (>= 0.5)
    arel (3.0.3)
    builder (3.0.4)
    daemons (1.1.9)
    eventmachine (1.0.3)
    eventmachine (1.0.3-x86-mingw32)
    feedutils (0.4.0)
      logutils (>= 0.5)
    fetcher (0.4.3)
      logutils (>= 0.6)
    gli (2.12.0)
    i18n (0.6.11)
    logutils (0.6.0)
    multi_json (1.10.1)
    pakman (0.5.0)
      fetcher (>= 0.3.0)
      logutils (>= 0.6.0)
    pg (0.17.1)
    pg (0.17.1-x86-mingw32)
    pluto (1.0.1)
      activityutils (>= 0.1.0)
      feedutils (>= 0.4.0)
      fetcher (>= 0.4.3)
      gli (>= 2.5.6)
      logutils (>= 0.6)
      pakman (>= 0.5)
      props (>= 1.0.3)
      textutils (>= 0.7)
    pluto-admin (0.3.3)
      logutils (>= 0.5)
    props (1.1.1)
    rack (1.5.2)
    rack-protection (1.5.3)
      rack
    sinatra (1.4.5)
      rack (~> 1.4)
      rack-protection (~> 1.4)
      tilt (~> 1.3, >= 1.3.4)
    sqlite3 (1.3.9)
    sqlite3 (1.3.9-x86-mingw32)
    textutils (0.9.4)
      activesupport
      logutils (~> 0.5)
      props
    thin (1.6.2)
      daemons (>= 1.0.9)
      eventmachine (>= 1.0.0)
      rack (>= 1.0.0)
    tilt (1.4.1)
    tzinfo (0.3.41)

PLATFORMS
  ruby
  x86-mingw32

DEPENDENCIES
  activerecord (= 3.2.19)
  pg
  pluto
  pluto-admin
  sinatra
  sqlite3
  thin
